GEM
  remote: https://rubygems.org/
  specs:
    cfnresponse (0.4.0)
    httpclient (2.8.3)
    rubyzip (2.0.0)

PLATFORMS
  ruby

DEPENDENCIES
  cfnresponse (~> 0.4.0)!
  httpclient (~> 2.8.3)!
  rubyzip (~> 2.0.0)!

BUNDLED WITH
   1.15.4
